PATH
  remote: .
  specs:
    gemma (2.4.0)
      highline (~> 1.6.15)
      minitest (~> 4.3.3)
      rake (~> 10.0.3)
      rdoc (~> 3.12.0)
      yard (~> 0.8.3)

GEM
  remote: http://rubygems.org/
  specs:
    highline (1.6.15)
    json (1.7.6)
    minitest (4.3.3)
    open4 (1.3.0)
    rake (10.0.3)
    rdoc (3.12)
      json (~> 1.4)
    yard (0.8.3)

PLATFORMS
  ruby

DEPENDENCIES
  gemma!
  open4 (~> 1.3.0)
