PATH
  remote: .
  specs:
    gemma (2.1.0)
      bundler (~> 1.0.21)
      highline (~> 1.6.9)
      minitest (~> 2.5.1)
      rake (~> 0.9.2)
      rdoc (~> 3.12.0)
      yard (~> 0.7.4)

GEM
  remote: http://rubygems.org/
  specs:
    highline (1.6.9)
    json (1.6.5)
    minitest (2.5.1)
    open4 (1.3.0)
    rake (0.9.2.2)
    rdoc (3.12)
      json (~> 1.4)
    yard (0.7.4)

PLATFORMS
  ruby

DEPENDENCIES
  gemma!
  open4 (~> 1.3.0)
