PATH
  remote: .
  specs:
    gemma (3.0.0)
      highline (>= 1.6.21)
      minitest (>= 5.3.1)
      rake (>= 10.1.1)
      rdoc (>= 4.1.1)
      yard (>= 0.8.7)

GEM
  remote: http://rubygems.org/
  specs:
    highline (1.6.21)
    json (1.8.1)
    minitest (5.3.1)
    open4 (1.3.3)
    rake (10.1.1)
    rdoc (4.1.1)
      json (~> 1.4)
    yard (0.8.7.3)

PLATFORMS
  ruby

DEPENDENCIES
  gemma!
  open4 (~> 1.3.0)
