PATH
  remote: .
  specs:
    gemma (2.2.0)
      bundler (~> 1.2.1)
      highline (~> 1.6.15)
      minitest (~> 2.12.1)
      rake (~> 0.9.2)
      rdoc (~> 3.12.0)
      yard (~> 0.8.2)

GEM
  remote: http://rubygems.org/
  specs:
    highline (1.6.15)
    json (1.7.5)
    minitest (2.12.1)
    open4 (1.3.0)
    rake (0.9.2.2)
    rdoc (3.12)
      json (~> 1.4)
    yard (0.8.2.1)

PLATFORMS
  ruby

DEPENDENCIES
  gemma!
  open4 (~> 1.3.0)
